GEM
  specs:
    coderay (1.1.2)
    method_source (0.9.2)
    pry (0.12.2)
      coderay (~> 1.1.0)
      method_source (~> 0.9.0)
    pry-doc (1.0.0)
      pry (~> 0.11)
      yard (~> 0.9.11)
    yard (0.9.20)

PLATFORMS
  ruby

DEPENDENCIES
  pry-doc

BUNDLED WITH
   2.0.2
